GIT
  remote: git://github.com/sinatra/sinatra.git
  revision: 6ce8a94005397695f0fd2cc241cd09fb325dd567
  specs:
    sinatra (1.4.5)
      rack (~> 1.4)
      rack-protection (~> 1.4)
      tilt (>= 1.3, < 3)

GEM
  remote: https://rubygems.org/
  specs:
    daemons (1.1.9)
    eventmachine (1.0.4)
    freebase-api (0.1.5)
      httparty (~> 0.10)
    haml (4.0.6)
      tilt
    httparty (0.13.3)
      json (~> 1.8)
      multi_xml (>= 0.5.2)
    json (1.8.1)
    multi_xml (0.5.5)
    rack (1.6.0)
    rack-protection (1.5.3)
      rack
    thin (1.6.3)
      daemons (~> 1.0, >= 1.0.9)
      eventmachine (~> 1.0)
      rack (~> 1.0)
    tilt (2.0.1)

PLATFORMS
  ruby

DEPENDENCIES
  freebase-api
  haml
  sinatra!
  thin
